GEM
  remote: https://rubygems.org/
  specs:
    coderay (1.1.1)
    diff-lcs (1.2.5)
    graph-reader (0.3.0)
    method_source (0.8.2)
    pry (0.10.4)
      coderay (~> 1.1.0)
      method_source (~> 0.8.1)
      slop (~> 3.4)
    rspec (3.5.0)
      rspec-core (~> 3.5.0)
      rspec-expectations (~> 3.5.0)
      rspec-mocks (~> 3.5.0)
    rspec-core (3.5.4)
      rspec-support (~> 3.5.0)
    rspec-expectations (3.5.0)
      diff-lcs (>= 1.2.0, < 2.0)
      rspec-support (~> 3.5.0)
    rspec-mocks (3.5.0)
      diff-lcs (>= 1.2.0, < 2.0)
      rspec-support (~> 3.5.0)
    rspec-support (3.5.0)
    ruby-skyline-core (0.1.8)
    slop (3.6.0)

PLATFORMS
  x64-mingw32

DEPENDENCIES
  graph-reader
  pry
  rspec
  ruby-skyline-core

BUNDLED WITH
   1.13.6
